GEM
  remote: https://rubygems.org/
  specs:
    sass (3.4.23)

PLATFORMS
  ruby

DEPENDENCIES
  sass (~> 3.4, >= 3.4.23)

RUBY VERSION
   ruby 2.3.3p222

BUNDLED WITH
   1.13.6
